PATH
  remote: ..
  specs:
    twirp (1.7.2)
      faraday (< 2)
      google-protobuf (~> 3.0, >= 3.7.0)

GEM
  remote: https://rubygems.org/
  specs:
    faraday (1.3.0)
      faraday-net_http (~> 1.0)
      multipart-post (>= 1.2, < 3)
      ruby2_keywords
    faraday-net_http (1.0.1)
    google-protobuf (3.19.2)
    multipart-post (2.1.1)
    rack (2.2.3)
    ruby2_keywords (0.0.4)

PLATFORMS
  ruby

DEPENDENCIES
  rack
  twirp!

BUNDLED WITH
   1.17.3
